PATH
  remote: .
  specs:
    data_structure_error (1.1.0)
      argument_type_error (= 1.0.1)

GEM
  remote: https://rubygems.org/
  specs:
    argument_type_error (1.0.1)
    minitest (5.13.0)
    rake (10.5.0)

PLATFORMS
  ruby

DEPENDENCIES
  bundler (~> 1.17)
  data_structure_error!
  minitest (~> 5.0)
  rake (~> 10.0)

BUNDLED WITH
   1.17.3
